GIT
  remote: git://github.com/eric/metriks-librato_metrics.git
  revision: ccbeb751ec5fc4edfe446d8a67a423b96ebe86c7
  specs:
    metriks-librato_metrics (1.0.2)
      metriks (>= 0.9.9.6)

GIT
  remote: git://github.com/getsentry/raven-ruby.git
  revision: 84392e5db701f0b5c66802aab9cc82ef9a5ad830
  specs:
    sentry-raven (0.10.1)
      faraday (>= 0.7.6)
      uuidtools

GIT
  remote: git://github.com/rack/rack-contrib.git
  revision: 1b11346d729efd88b274cd7f704e0bca9eb3de7a
  specs:
    rack-contrib (1.2.0)
      rack (>= 0.9.1)

GIT
  remote: git://github.com/rkh/yard-sinatra.git
  revision: 00774d355123617ff0faa7e0ebd54c4cdcfcdf93
  specs:
    yard-sinatra (1.0.0)
      yard (~> 0.7)

GIT
  remote: git://github.com/rtomayko/rack-cache.git
  revision: d00e6e491fcc7bdca9c27d735abde5c4fdb48cd9
  specs:
    rack-cache (1.2)
      rack (>= 0.4)

GIT
  remote: git://github.com/travis-ci/s3.git
  revision: 386361c1b0ede19cde0ddaf86e41a16308575f5d
  specs:
    s3 (0.3.21)
      proxies (~> 0.2.0)

GIT
  remote: git://github.com/travis-ci/travis-core.git
  revision: 8fa9680a47ab457187ddf3a88461a756a6f4c2a6
  specs:
    travis-core (0.0.1)
      actionmailer (~> 3.2.19)
      activerecord (~> 3.2.19)
      coder (~> 0.4.0)
      data_migrations (~> 0.0.1)
      gh
      hashr (~> 0.0.19)
      metriks (~> 0.9.7)
      multi_json
      pusher (~> 0.12.0)
      railties (~> 3.2.19)
      rake
      redis (~> 3.0)
      rollout (~> 1.1.0)
      s3 (~> 0.3)
      simple_states (~> 1.0.0)
      thor (~> 0.14.6)
      travis-config (~> 0.1.0)
      virtus (~> 1.0.0)

GIT
  remote: git://github.com/travis-ci/travis-sidekiqs.git
  revision: cde9741f8e6811fe3929bdd0dd653b87289c5eef
  ref: cde9741
  specs:
    travis-sidekiqs (0.0.1)
      sidekiq (~> 2.5.0)

GIT
  remote: git://github.com/travis-ci/travis-support.git
  revision: 40365216662f639d36fc3a0463c4e189ee1563dd
  specs:
    travis-support (0.0.1)

GIT
  remote: git://github.com/travis-ci/travis-yaml.git
  revision: 08ec0c4d0cf3366cd971d4acd9aadbc0db68f85d
  specs:
    travis-yaml (0.1.0)

PATH
  remote: .
  specs:
    travis-api (0.0.1)
      backports (~> 2.5)
      memcachier
      mustermann (~> 0.4)
      pg (~> 0.13.2)
      rack-contrib (~> 1.1)
      rack-ssl (~> 1.3, >= 1.3.3)
      redcarpet (~> 2.1)
      sinatra (~> 1.3)
      sinatra-contrib (~> 1.3)
      thin (~> 1.4)
      travis-core
      travis-support
      useragent

GEM
  remote: https://rubygems.org/
  specs:
    actionmailer (3.2.19)
      actionpack (= 3.2.19)
      mail (~> 2.5.4)
    actionpack (3.2.19)
      activemodel (= 3.2.19)
      activesupport (= 3.2.19)
      builder (~> 3.0.0)
      erubis (~> 2.7.0)
      journey (~> 1.0.4)
      rack (~> 1.4.5)
      rack-cache (~> 1.2)
      rack-test (~> 0.6.1)
      sprockets (~> 2.2.1)
    active_model_serializers (0.9.0)
      activemodel (>= 3.2)
    activemodel (3.2.19)
      activesupport (= 3.2.19)
      builder (~> 3.0.0)
    activerecord (3.2.19)
      activemodel (= 3.2.19)
      activesupport (= 3.2.19)
      arel (~> 3.0.2)
      tzinfo (~> 0.3.29)
    activesupport (3.2.19)
      i18n (~> 0.6, >= 0.6.4)
      multi_json (~> 1.0)
    addressable (2.3.6)
    arel (3.0.3)
    atomic (1.1.16)
    avl_tree (1.1.3)
    axiom-types (0.1.1)
      descendants_tracker (~> 0.0.4)
      ice_nine (~> 0.11.0)
      thread_safe (~> 0.3, >= 0.3.1)
    backports (2.8.2)
    builder (3.0.4)
    bunny (0.8.0)
    celluloid (0.12.0)
      timers (>= 1.0.0)
    chunky_png (1.3.3)
    coder (0.4.0)
    coderay (1.1.0)
    coercible (1.0.0)
      descendants_tracker (~> 0.0.1)
    compass (1.0.1)
      chunky_png (~> 1.2)
      compass-core (~> 1.0.1)
      compass-import-once (~> 1.0.5)
      rb-fsevent (>= 0.9.3)
      rb-inotify (>= 0.9)
      sass (>= 3.3.13, < 3.5)
    compass-core (1.0.1)
      multi_json (~> 1.0)
      sass (>= 3.3.0, < 3.5)
    compass-import-once (1.0.5)
      sass (>= 3.2, < 3.5)
    connection_pool (0.9.3)
    daemons (1.1.9)
    dalli (2.7.2)
    data_migrations (0.0.1)
      activerecord
      rake
    database_cleaner (0.8.0)
    descendants_tracker (0.0.4)
      thread_safe (~> 0.3, >= 0.3.1)
    diff-lcs (1.2.5)
    dotenv (0.7.0)
    equalizer (0.0.9)
    erubis (2.7.0)
    eventmachine (1.0.3)
    factory_girl (2.4.2)
      activesupport
    faraday (0.9.0)
      multipart-post (>= 1.2, < 3)
    ffi (1.9.6)
    foreman (0.64.0)
      dotenv (~> 0.7.0)
      thor (>= 0.13.6)
    gh (0.13.2)
      addressable
      backports
      faraday (~> 0.8)
      multi_json (~> 1.0)
      net-http-persistent (>= 2.7)
      net-http-pipeline
    hashr (0.0.22)
    hike (1.2.3)
    hitimes (1.2.2)
    httpclient (2.3.4.1)
    i18n (0.6.11)
    ice_nine (0.11.0)
    journey (1.0.4)
    json (1.8.1)
    kgio (2.9.2)
    listen (1.0.3)
      rb-fsevent (>= 0.9.3)
      rb-inotify (>= 0.9)
      rb-kqueue (>= 0.2)
    mail (2.5.4)
      mime-types (~> 1.16)
      treetop (~> 1.4.8)
    memcachier (0.0.2)
    metaclass (0.0.4)
    method_source (0.8.2)
    metriks (0.9.9.6)
      atomic (~> 1.0)
      avl_tree (~> 1.1.2)
      hitimes (~> 1.1)
    micro_migrations (0.0.2)
      activerecord
      railties
    mime-types (1.25.1)
    mocha (0.14.0)
      metaclass (~> 0.0.1)
    multi_json (1.10.1)
    multipart-post (2.0.0)
    mustermann (0.4.0)
      tool (~> 0.2)
    net-http-persistent (2.9.4)
    net-http-pipeline (1.0.1)
    pg (0.13.2)
    polyglot (0.3.5)
    proxies (0.2.1)
    pry (0.10.1)
      coderay (~> 1.1.0)
      method_source (~> 0.8.1)
      slop (~> 3.4)
    pusher (0.12.0)
      httpclient (~> 2.3.0)
      multi_json (~> 1.0)
      signature (~> 0.1.6)
    rack (1.4.5)
    rack-attack (4.2.0)
      rack
    rack-protection (1.5.3)
      rack
    rack-ssl (1.3.4)
      rack
    rack-test (0.6.2)
      rack (>= 1.0)
    railties (3.2.19)
      actionpack (= 3.2.19)
      activesupport (= 3.2.19)
      rack-ssl (~> 1.3.2)
      rake (>= 0.8.7)
      rdoc (~> 3.4)
      thor (>= 0.14.6, < 2.0)
    raindrops (0.13.0)
    rake (0.9.6)
    rb-fsevent (0.9.4)
    rb-inotify (0.9.5)
      ffi (>= 0.5.0)
    rb-kqueue (0.2.3)
      ffi (>= 0.5.0)
    rdoc (3.12.2)
      json (~> 1.4)
    redcarpet (2.3.0)
    redis (3.1.0)
    redis-namespace (1.5.1)
      redis (~> 3.0, >= 3.0.4)
    rerun (0.8.2)
      listen (~> 1.0.3)
    rollout (1.1.0)
    rspec (2.99.0)
      rspec-core (~> 2.99.0)
      rspec-expectations (~> 2.99.0)
      rspec-mocks (~> 2.99.0)
    rspec-core (2.99.2)
    rspec-expectations (2.99.2)
      diff-lcs (>= 1.1.3, < 2.0)
    rspec-mocks (2.99.2)
    sass (3.4.6)
    sidekiq (2.5.0)
      celluloid (~> 0.12.0)
      compass
      connection_pool (~> 0.9.2)
      multi_json (~> 1)
      redis (~> 3)
      redis-namespace
      sass
      sprockets-sass
    signature (0.1.7)
    simple_states (1.0.1)
      activesupport
      hashr (~> 0.0.10)
    sinatra (1.4.5)
      rack (~> 1.4)
      rack-protection (~> 1.4)
      tilt (~> 1.3, >= 1.3.4)
    sinatra-contrib (1.4.2)
      backports (>= 2.0)
      multi_json
      rack-protection
      rack-test
      sinatra (~> 1.4.0)
      tilt (~> 1.3)
    slop (3.6.0)
    sprockets (2.2.2)
      hike (~> 1.2)
      multi_json (~> 1.0)
      rack (~> 1.0)
      tilt (~> 1.1, != 1.3.0)
    sprockets-sass (1.2.0)
      sprockets (~> 2.0)
      tilt (~> 1.1)
    thin (1.6.3)
      daemons (~> 1.0, >= 1.0.9)
      eventmachine (~> 1.0)
      rack (~> 1.0)
    thor (0.14.6)
    thread_safe (0.3.4)
    tilt (1.4.1)
    timers (4.0.1)
      hitimes
    tool (0.2.3)
    travis-config (0.1.0)
      hashr (~> 0.0)
    treetop (1.4.15)
      polyglot
      polyglot (>= 0.3.1)
    tzinfo (0.3.42)
    unicorn (4.8.3)
      kgio (~> 2.6)
      rack
      raindrops (~> 0.7)
    useragent (0.10.0)
    uuidtools (2.1.5)
    virtus (1.0.3)
      axiom-types (~> 0.1)
      coercible (~> 1.0)
      descendants_tracker (~> 0.0, >= 0.0.3)
      equalizer (~> 0.0, >= 0.0.9)
    yard (0.8.7.6)

PLATFORMS
  ruby

DEPENDENCIES
  active_model_serializers
  bunny (~> 0.8.0)
  dalli
  database_cleaner (~> 0.8.0)
  factory_girl (~> 2.4.0)
  foreman
  gh
  metriks (= 0.9.9.6)
  metriks-librato_metrics!
  micro_migrations
  mocha (~> 0.12)
  pry
  rack-attack
  rack-cache!
  rack-contrib!
  rake (~> 0.9.2)
  rb-fsevent (~> 0.9.1)
  rerun
  rspec (~> 2.13)
  s3!
  sentry-raven!
  sinatra
  sinatra-contrib
  travis-api!
  travis-config (~> 0.1.0)
  travis-core!
  travis-sidekiqs!
  travis-support!
  travis-yaml!
  unicorn
  yard-sinatra!
